GEM
  remote: https://rubygems.org/
  specs:
    dnssd (3.0.1)
    faraday (0.9.1)
      multipart-post (>= 1.2, < 3)
    multipart-post (2.0.0)

PLATFORMS
  ruby

DEPENDENCIES
  dnssd
  faraday

BUNDLED WITH
   1.10.5
