GEM
  remote: https://rubygems.org/
  specs:
    colorize (0.7.7)
    dnssd (3.0.1)
    plist (3.1.0)

PLATFORMS
  ruby

DEPENDENCIES
  colorize
  dnssd
  plist

BUNDLED WITH
   1.10.6
