GEM
  remote: https://rubygems.org/
  specs:
    dnssd (3.0.1)

PLATFORMS
  ruby

DEPENDENCIES
  dnssd

BUNDLED WITH
   1.10.5
