GEM
  remote: https://rubygems.org/
  specs:
    colorize (0.7.7)
    dnssd (3.0.1)
    faraday (0.9.1)
      multipart-post (>= 1.2, < 3)
    multipart-post (2.0.0)
    plist (3.1.0)
    xcpretty (0.1.10)

PLATFORMS
  ruby

DEPENDENCIES
  colorize
  dnssd
  faraday
  plist
  xcpretty

BUNDLED WITH
   1.10.5
